PATH
  remote: ./
  specs:
    sitemap_generator (2.1.8)

GEM
  remote: http://rubygems.org/
  specs:
    actionmailer (2.3.8)
      actionpack (= 2.3.8)
    actionpack (2.3.8)
      activesupport (= 2.3.8)
      rack (~> 1.1.0)
    activerecord (2.3.8)
      activesupport (= 2.3.8)
    activeresource (2.3.8)
      activesupport (= 2.3.8)
    activesupport (2.3.8)
    gemcutter (0.6.1)
    git (1.2.5)
    jeweler (1.4.0)
      gemcutter (>= 0.1.0)
      git (>= 1.2.5)
      rubyforge (>= 2.0.0)
    json_pure (1.5.4)
      spruz (~> 0.2.8)
    mocha (0.9.10)
      rake
    nokogiri (1.4.4)
    rack (1.1.2)
    rails (2.3.8)
      actionmailer (= 2.3.8)
      actionpack (= 2.3.8)
      activerecord (= 2.3.8)
      activeresource (= 2.3.8)
      activesupport (= 2.3.8)
      rake (>= 0.8.3)
    rake (0.9.2.2)
    rspec (1.3.1)
    rspec-rails (1.3.4)
      rack (>= 1.0.0)
      rspec (~> 1.3.1)
    rubyforge (2.0.4)
      json_pure (>= 1.1.7)
    spruz (0.2.13)
    sqlite3-ruby (1.3.1)

PLATFORMS
  ruby

DEPENDENCIES
  gemcutter (= 0.6.1)
  git (= 1.2.5)
  jeweler (= 1.4.0)
  mocha (= 0.9.10)
  nokogiri (= 1.4.4)
  rails (= 2.3.8)
  rake (>= 0.8.7)
  rspec (= 1.3.1)
  rspec-rails (~> 1.3.2)
  sitemap_generator!
  sqlite3-ruby (= 1.3.1)
